GEM
  remote: http://rubygems.org/
  specs:
    archive-tar-minitar (0.5.2)
    mocha (0.9.12)
    open4 (1.0.1)
    rake (0.9.2)
    rubyzip (0.9.4)
    shoulda (2.11.3)
    sprout (1.1.15.pre)
      archive-tar-minitar (= 0.5.2)
      bundler (>= 0.9.19)
      open4 (>= 0.9.6)
      rake (>= 0.9.2)
      rubyzip (= 0.9.4)

PLATFORMS
  ruby

DEPENDENCIES
  mocha
  rake
  shoulda
  sprout (>= 1.1.15.pre)
